GEM
  remote: http://rubygems.org/
  specs:
    concurrent-ruby (1.1.5)
    ffi (1.11.3)
    rack (2.0.7)
    rake (13.0.1)
    rb-fsevent (0.10.3)
    rb-inotify (0.10.0)
      ffi (~> 1.0)
    sass (3.7.4)
      sass-listen (~> 4.0.0)
    sass-listen (4.0.0)
      rb-fsevent (~> 0.9, >= 0.9.4)
      rb-inotify (~> 0.9, >= 0.9.7)
    sprockets (4.0.0)
      concurrent-ruby (~> 1.0)
      rack (> 1, < 3)

PLATFORMS
  ruby

DEPENDENCIES
  rack
  rake
  sass
  sprockets

BUNDLED WITH
   1.17.3
