GEM
  remote: http://rubygems.org/
  specs:
    cmdparse (3.0.4)
    juicer (1.2.0)
      cmdparse
      nokogiri (>= 1.5.0)
      rubyzip (= 0.9.9)
    mini_portile2 (2.4.0)
    nokogiri (1.10.7)
      mini_portile2 (~> 2.4.0)
    rack (2.0.7)
    rake (13.0.1)
    rubyzip (0.9.9)

PLATFORMS
  ruby

DEPENDENCIES
  juicer
  rack
  rake

BUNDLED WITH
   1.17.3
